REFERENCES: STRICT
COPY-LOCAL: FALSE
RESTRICTION: == net472
NUGET
  remote: https://www.nuget.org/api/v2
    FSharp.Compiler.Service (41.0.3)
      FSharp.Core (6.0.3)
      Microsoft.Build.Framework (>= 17.0)
      Microsoft.Build.Tasks.Core (>= 17.0)
      Microsoft.Build.Utilities.Core (>= 17.0)
      System.Buffers (>= 4.5.1)
      System.Collections.Immutable (>= 5.0)
      System.Diagnostics.Process (>= 4.3)
      System.Diagnostics.TraceSource (>= 4.3)
      System.Linq.Expressions (>= 4.3)
      System.Linq.Queryable (>= 4.3)
      System.Memory (>= 4.5.4)
      System.Net.Requests (>= 4.3)
      System.Net.Security (>= 4.3.1)
      System.Reflection.Emit (>= 4.3)
      System.Reflection.Metadata (>= 5.0)
      System.Reflection.TypeExtensions (>= 4.3)
      System.Runtime (>= 4.3)
      System.Runtime.CompilerServices.Unsafe (>= 6.0)
      System.Runtime.InteropServices (>= 4.3)
      System.Runtime.Loader (>= 4.3)
      System.Security.Claims (>= 4.3)
      System.Security.Cryptography.Algorithms (>= 4.3)
      System.Security.Principal (>= 4.3)
      System.Threading.Tasks.Parallel (>= 4.3)
      System.Threading.Thread (>= 4.3)
      System.Threading.ThreadPool (>= 4.3)
    FSharp.Core (6.0.3)
    Microsoft.Build.Framework (17.0)
    Microsoft.Build.Tasks.Core (17.0)
      Microsoft.Build.Framework (>= 17.0)
      Microsoft.Build.Utilities.Core (>= 17.0)
      Microsoft.NET.StringTools (>= 1.0)
      Microsoft.VisualStudio.Setup.Configuration.Interop (>= 1.16.30)
      System.Collections.Immutable (>= 5.0)
      System.Net.Http (>= 4.3.4)
      System.Resources.Extensions (>= 4.6)
      System.Threading.Tasks.Dataflow (>= 4.9)
    Microsoft.Build.Utilities.Core (17.0)
      Microsoft.Build.Framework (>= 17.0)
      Microsoft.NET.StringTools (>= 1.0)
      Microsoft.VisualStudio.Setup.Configuration.Interop (>= 1.16.30)
      System.Collections.Immutable (>= 5.0)
      System.Configuration.ConfigurationManager (>= 4.7)
    Microsoft.NET.StringTools (1.0)
      System.Memory (>= 4.5.4)
      System.Runtime.CompilerServices.Unsafe (>= 5.0)
    Microsoft.VisualStudio.Setup.Configuration.Interop (3.1.2196)
    System.Buffers (4.5.1)
    System.Collections.Immutable (5.0)
      System.Memory (>= 4.5.4)
    System.Configuration.ConfigurationManager (6.0)
      System.Security.Permissions (>= 6.0)
    System.Diagnostics.Process (4.3)
    System.Diagnostics.TraceSource (4.3)
    System.IO (4.3)
    System.Linq.Expressions (4.3)
    System.Linq.Queryable (4.3)
    System.Memory (4.5.4)
      System.Buffers (>= 4.5.1)
      System.Numerics.Vectors (>= 4.5)
      System.Runtime.CompilerServices.Unsafe (>= 4.5.3)
    System.Net.Http (4.3.4)
      System.Security.Cryptography.X509Certificates (>= 4.3)
    System.Net.Requests (4.3)
    System.Net.Security (4.3.2)
      System.Security.Cryptography.X509Certificates (>= 4.3)
    System.Numerics.Vectors (4.5)
    System.Reflection.Emit (4.7)
    System.Reflection.Metadata (5.0)
      System.Collections.Immutable (>= 5.0)
    System.Reflection.TypeExtensions (4.7)
    System.Resources.Extensions (6.0)
      System.Memory (>= 4.5.4)
    System.Runtime (4.3.1)
    System.Runtime.CompilerServices.Unsafe (6.0)
    System.Runtime.InteropServices (4.3)
      System.Runtime (>= 4.3)
    System.Runtime.Loader (4.3)
    System.Security.AccessControl (6.0)
      System.Security.Principal.Windows (>= 5.0)
    System.Security.Claims (4.3)
    System.Security.Cryptography.Algorithms (4.3.1)
      System.IO (>= 4.3)
      System.Runtime (>= 4.3)
      System.Security.Cryptography.Encoding (>= 4.3)
      System.Security.Cryptography.Primitives (>= 4.3)
    System.Security.Cryptography.Encoding (4.3)
    System.Security.Cryptography.Primitives (4.3)
    System.Security.Cryptography.X509Certificates (4.3.2)
      System.Security.Cryptography.Algorithms (>= 4.3)
      System.Security.Cryptography.Encoding (>= 4.3)
    System.Security.Permissions (6.0)
      System.Security.AccessControl (>= 6.0)
    System.Security.Principal (4.3)
    System.Security.Principal.Windows (5.0)
    System.Threading.Tasks.Dataflow (6.0)
    System.Threading.Tasks.Parallel (4.3)
    System.Threading.Thread (4.3)
    System.Threading.ThreadPool (4.3)
